GEM
  remote: https://rubygems.org/
  specs:
    hoe (3.7.1)
      rake (>= 0.8, < 11.0)
    rake (10.1.0)
    ruby-ole (1.2.11.7)

PLATFORMS
  ruby

DEPENDENCIES
  hoe (>= 3.4)
  ruby-ole
