GEM
  remote: https://rubygems.org/
  specs:
    hoe (3.7.1)
      rake (>= 0.8, < 11.0)
    mini_portile (0.6.0)
    nokogiri (1.6.2.1)
      mini_portile (= 0.6.0)
    rake (10.1.0)
    ruby-ole (1.2.11.7)
    rubyzip (1.1.4)

PLATFORMS
  ruby

DEPENDENCIES
  hoe (>= 3.4)
  nokogiri (>= 1.4.4)
  ruby-ole
  rubyzip (>= 1.0.0)
