GEM
  remote: https://rubygems.org/
  specs:
    hoe (3.14.2)
      rake (>= 0.8, < 11.0)
    minitest (5.8.2)
    nokogiri (1.5.11)
    power_assert (0.2.4)
    rake (10.4.2)
    ruby-ole (1.2.11.8)
    rubyzip (1.2.1)
    test-unit (3.1.5)
      power_assert

PLATFORMS
  ruby

DEPENDENCIES
  hoe (>= 3.4)
  minitest
  nokogiri (= 1.5.11)
  ruby-ole
  rubyzip
  test-unit

BUNDLED WITH
   1.15.1
