PATH
  remote: .
  specs:
    spreadsheet (0.8.6)
      ruby-ole

GEM
  remote: https://rubygems.org/
  specs:
    hoe (3.4.1)
      rake (>= 0.8, < 11.0)
    rake (10.0.3)
    ruby-ole (1.2.11.6)

PLATFORMS
  ruby

DEPENDENCIES
  hoe
  spreadsheet!
