GEM
  remote: https://rubygems.org/
  specs:
    coderay (1.1.1)
    hoe (3.15.3)
      rake (>= 0.8, < 12.0)
    method_source (0.8.2)
    mini_portile2 (2.1.0)
    minitest (5.10.1)
    nokogiri (1.7.0)
      mini_portile2 (~> 2.1.0)
    power_assert (0.4.1)
    pry (0.10.4)
      coderay (~> 1.1.0)
      method_source (~> 0.8.1)
      slop (~> 3.4)
    rake (11.3.0)
    ruby-ole (1.2.12)
    rubyzip (1.2.0)
    slop (3.6.0)
    test-unit (3.2.3)
      power_assert

PLATFORMS
  ruby

DEPENDENCIES
  hoe (>= 3.4)
  minitest
  nokogiri
  pry
  ruby-ole
  rubyzip
  test-unit

BUNDLED WITH
   1.13.7
